GEM
  remote: http://rubygems.org/
  specs:
    diff-lcs (1.1.2)
    git (1.2.5)
    haml (3.1.1)
    jeweler (1.6.0)
      bundler (~> 1.0.0)
      git (>= 1.2.5)
      rake
    json (1.5.1-java)
    rack (1.3.0)
    rack-accept (0.4.4)
      rack (>= 0.4)
    rack-flash (0.1.1)
      rack
    rack-test (0.6.0)
      rack (>= 1.0)
    rake (0.8.7)
    rspec (2.6.0)
      rspec-core (~> 2.6.0)
      rspec-expectations (~> 2.6.0)
      rspec-mocks (~> 2.6.0)
    rspec-core (2.6.3)
    rspec-expectations (2.6.0)
      diff-lcs (~> 1.1.2)
    rspec-mocks (2.6.0)
    sass (3.1.1)
    sinatra (1.2.6)
      rack (~> 1.1)
      tilt (>= 1.2.2, < 2.0)
    thor (0.14.6)
    tilt (1.3)
    tobias-jmx (0.8)
    tobias-sinatra-url-for (0.2.1)
      sinatra (>= 0.9.1.1)
    torquebox (2.0.0)
      torquebox-core (= 2.0.0)
      torquebox-messaging (= 2.0.0)
      torquebox-naming (= 2.0.0)
      torquebox-rake-support (= 2.0.0)
      torquebox-security (= 2.0.0)
      torquebox-vfs (= 2.0.0)
      torquebox-web (= 2.0.0)
    torquebox-core (2.0.0-java)
    torquebox-messaging (2.0.0-java)
      torquebox-core (= 2.0.0)
    torquebox-naming (2.0.0-java)
    torquebox-rake-support (2.0.0)
    torquebox-security (2.0.0-java)
      torquebox-core (= 2.0.0)
    torquebox-vfs (2.0.0-java)
    torquebox-web (2.0.0-java)
    watchr (0.7)

PLATFORMS
  java

DEPENDENCIES
  haml (~> 3.0)
  jeweler
  json
  rack-accept
  rack-flash
  rack-test
  rake (= 0.8.7)
  rspec
  sass (~> 3.0)
  sinatra (= 1.2.6)
  thor
  tilt (= 1.3.0)
  tobias-jmx (= 0.8)
  tobias-sinatra-url-for
  torquebox
  watchr
