GEM
  remote: http://rubygems.org/
  specs:
    haml (3.1.2)
    json (1.5.1-java)
    rack (1.3.2)
    rack-accept (0.4.4)
      rack (>= 0.4)
    rack-flash (0.1.1)
      rack
    sass (3.1.7)
    sinatra (1.2.6)
      rack (~> 1.1)
      tilt (>= 1.2.2, < 2.0)
    tilt (1.3.2)
    tobias-jmx (0.8)
    tobias-sinatra-url-for (0.2.1)
      sinatra (>= 0.9.1.1)
    torquebox (2.x.incremental.345)
      torquebox-core (= 2.x.incremental.345)
      torquebox-infinispan (= 2.x.incremental.345)
      torquebox-messaging (= 2.x.incremental.345)
      torquebox-naming (= 2.x.incremental.345)
      torquebox-rake-support (= 2.x.incremental.345)
      torquebox-security (= 2.x.incremental.345)
      torquebox-stomp (= 2.x.incremental.345)
      torquebox-vfs (= 2.x.incremental.345)
      torquebox-web (= 2.x.incremental.345)
    torquebox-core (2.x.incremental.345-java)
    torquebox-infinispan (2.x.incremental.345-java)
      torquebox-core (= 2.x.incremental.345)
    torquebox-messaging (2.x.incremental.345-java)
      torquebox-core (= 2.x.incremental.345)
    torquebox-naming (2.x.incremental.345-java)
    torquebox-rake-support (2.x.incremental.345)
    torquebox-security (2.x.incremental.345-java)
      torquebox-core (= 2.x.incremental.345)
    torquebox-stomp (2.x.incremental.345)
      torquebox-core (= 2.x.incremental.345)
      torquebox-messaging (= 2.x.incremental.345)
    torquebox-vfs (2.x.incremental.345-java)
    torquebox-web (2.x.incremental.345-java)

PLATFORMS
  java

DEPENDENCIES
  haml (~> 3.0)
  json (= 1.5.1)
  rack-accept (~> 0.4.0)
  rack-flash (= 0.1.1)
  sass (~> 3.0)
  sinatra (= 1.2.6)
  tobias-jmx (= 0.8)
  tobias-sinatra-url-for (= 0.2.1)
  torquebox (~> 2.x.incremental.345)
